GEM
  remote: https://rubygems.org/
  specs:
    coderay (1.1.3)
    method_source (1.0.0)
    pry (0.13.1)
      coderay (~> 1.1)
      method_source (~> 1.0)

PLATFORMS
  ruby

DEPENDENCIES
  pry (~> 0.13.1)

RUBY VERSION
   ruby 3.0.0p0

BUNDLED WITH
   2.2.3
